GEM
  remote: https://rubygems.org/
  specs:
    awesome_print (1.8.0)
    benchmark_driver (0.10.9)
    byebug (10.0.0)
    coderay (1.1.2)
    diffy (3.2.0)
    equatable (0.5.0)
    hitimes (1.2.6)
    method_source (0.9.0)
    necromancer (0.4.0)
    pastel (0.7.2)
      equatable (~> 0.5.0)
      tty-color (~> 0.4.0)
    pry (0.11.3)
      coderay (~> 1.1.0)
      method_source (~> 0.9.0)
    pry-byebug (3.6.0)
      byebug (~> 10.0)
      pry (~> 0.10)
    pry-doc (0.13.3)
      pry (~> 0.11)
      yard (~> 0.9.11)
    red-datasets (0.0.2)
    tapp (1.5.1)
      thor
    tapp-awesome_print (1.0.1)
      awesome_print
      tapp (>= 1.5.0)
    thor (0.20.0)
    timers (4.1.2)
      hitimes
    tty-color (0.4.2)
    tty-cursor (0.5.0)
    tty-prompt (0.15.0)
      necromancer (~> 0.4.0)
      pastel (~> 0.7.0)
      timers (~> 4.0)
      tty-cursor (~> 0.5.0)
      tty-reader (~> 0.2.0)
    tty-reader (0.2.0)
      tty-cursor (~> 0.5.0)
      tty-screen (~> 0.6.4)
      wisper (~> 2.0.0)
    tty-screen (0.6.4)
    wisper (2.0.0)
    yard (0.9.12)

PLATFORMS
  ruby

DEPENDENCIES
  awesome_print
  benchmark_driver
  diffy
  pry
  pry-byebug
  pry-doc
  red-datasets
  tapp-awesome_print
  tty-prompt

BUNDLED WITH
   1.16.1
